PATH
  remote: .
  specs:
    happymapper (0.4.0)
      libxml-ruby (~> 2.0)

GEM
  remote: http://rubygems.org/
  specs:
    libxml-ruby (2.3.2)
    rake (0.9.2.2)
    rspec (1.3.2)

PLATFORMS
  ruby

DEPENDENCIES
  happymapper!
  rake
  rspec (~> 1.3)
